GEM
  remote: https://rubygems.org/
  specs:
    cuba (3.6.0)
      rack (~> 1.6.0)
    haml (4.0.7)
      tilt
    rack (1.6.4)
    tilt (2.0.2)

PLATFORMS
  ruby

DEPENDENCIES
  cuba
  haml

BUNDLED WITH
   1.11.2
