GEM
  remote: https://rubygems.org/
  specs:
    addressable (2.3.8)
    capybara (2.6.2)
      addressable
      mime-types (>= 1.16)
      nokogiri (>= 1.3.3)
      rack (>= 1.0.0)
      rack-test (>= 0.5.4)
      xpath (~> 2.0)
    clap (1.0.0)
    cuba (3.6.0)
      rack (~> 1.6.0)
    cutest (1.2.3)
      clap
    haml (4.0.7)
      tilt
    mime-types (2.99)
    mini_portile2 (2.0.0)
    nokogiri (1.6.7.2)
      mini_portile2 (~> 2.0.0.rc2)
    rack (1.6.4)
    rack-test (0.6.3)
      rack (>= 1.0)
    tilt (2.0.2)
    xpath (2.0.0)
      nokogiri (~> 1.3)

PLATFORMS
  ruby

DEPENDENCIES
  capybara
  cuba
  cutest
  haml

BUNDLED WITH
   1.11.2
